GEM
  remote: https://rubygems.org/
  specs:
    byebug (9.0.6)
    faker (1.7.3)
      i18n (~> 0.5)
    i18n (0.8.1)
    pg (0.20.0)

PLATFORMS
  ruby

DEPENDENCIES
  byebug
  faker
  pg

BUNDLED WITH
   1.14.6
